PATH
  remote: .
  specs:
    query_page (0.1.0)

GEM
  remote: https://rubygems.org/
  specs:
    minitest (5.11.3)
    rack (2.0.6)
    rake (12.3.2)

PLATFORMS
  ruby

DEPENDENCIES
  bundler (~> 2.0)
  minitest (~> 5.0)
  query_page!
  rack (~> 2.0)
  rake (~> 12.0)

BUNDLED WITH
   2.0.1
